GEM
  remote: http://rubygems.org/
  specs:
    json (1.6.5)
    rack (1.3.4)
    sinatra (1.2.7)
      rack (~> 1.1)
      tilt (>= 1.2.2, < 2.0)
    tilt (1.3.3)

PLATFORMS
  ruby

DEPENDENCIES
  json
  rack (= 1.3.4)
  sinatra (= 1.2.7)
